GEM
  remote: https://rubygems.org/
  specs:
    crass (1.0.4)
    faraday (0.15.4)
      multipart-post (>= 1.2, < 3)
    jwt (2.1.0)
    mini_portile2 (2.8.0)
    multipart-post (2.0.0)
    mustermann (1.0.3)
    nokogiri (1.13.6)
      mini_portile2 (~> 2.8.0)
      racc (~> 1.4)
    nokogumbo (2.0.1)
      nokogiri (~> 1.8, >= 1.8.4)
    racc (1.6.0)
    rack (2.0.6)
    rack-protection (2.0.5)
      rack
    sanitize (5.0.0)
      crass (~> 1.0.2)
      nokogiri (>= 1.8.0)
      nokogumbo (~> 2.0)
    sinatra (2.0.5)
      mustermann (~> 1.0)
      rack (~> 2.0)
      rack-protection (= 2.0.5)
      tilt (~> 2.0)
    tilt (2.0.9)
    twilio-ruby (5.21.1)
      faraday (~> 0.9)
      jwt (>= 1.5, <= 2.5)
      nokogiri (>= 1.6, < 2.0)

PLATFORMS
  ruby

DEPENDENCIES
  sanitize
  sinatra
  twilio-ruby

BUNDLED WITH
   1.17.2
